GEM
  remote: https://rubygems.org/
  specs:
    httpclient (2.8.3)
    mini_portile2 (2.3.0)
    nokogiri (1.8.4-x64-mingw32)
      mini_portile2 (~> 2.3.0)

PLATFORMS
  x64-mingw32

DEPENDENCIES
  httpclient
  nokogiri

BUNDLED WITH
   1.16.4
