PATH
  remote: .
  specs:
    ohol-family-trees (0.0.0)
      color
      httpclient
      nokogiri (>= 1.8.5)
      progress_bar
      ruby-graphviz

GEM
  remote: https://rubygems.org/
  specs:
    color (1.8)
    highline (2.0.2)
    httpclient (2.8.3)
    mini_portile2 (2.4.0)
    nokogiri (1.10.3)
      mini_portile2 (~> 2.4.0)
    nokogiri (1.10.3-x64-mingw32)
      mini_portile2 (~> 2.4.0)
    options (2.3.2)
    progress_bar (1.3.0)
      highline (>= 1.6, < 3)
      options (~> 2.3.0)
    ruby-graphviz (1.2.4)

PLATFORMS
  ruby
  x64-mingw32

DEPENDENCIES
  ohol-family-trees!

BUNDLED WITH
   1.16.4
