GEM
  remote: https://rubygems.org/
  specs:
    color (1.8)
    httpclient (2.8.3)
    mini_portile2 (2.4.0)
    nokogiri (1.10.3)
      mini_portile2 (~> 2.4.0)
    nokogiri (1.10.3-x64-mingw32)
      mini_portile2 (~> 2.4.0)
    ruby-graphviz (1.2.4)

PLATFORMS
  ruby
  x64-mingw32

DEPENDENCIES
  color
  httpclient
  nokogiri (>= 1.8.5)
  ruby-graphviz

BUNDLED WITH
   1.16.4
