PATH
  remote: .
  specs:
    ohol-family-trees (0.0.0)
      aws-sdk-s3 (~> 1)
      chunky_png
      color
      httpclient
      nokogiri (>= 1.8.5)
      progress_bar
      ruby-graphviz
      stringio
      thor

GEM
  remote: https://rubygems.org/
  specs:
    aws-eventstream (1.1.0)
    aws-partitions (1.416.0)
    aws-sdk-core (3.111.1)
      aws-eventstream (~> 1, >= 1.0.2)
      aws-partitions (~> 1, >= 1.239.0)
      aws-sigv4 (~> 1.1)
      jmespath (~> 1.0)
    aws-sdk-kms (1.41.0)
      aws-sdk-core (~> 3, >= 3.109.0)
      aws-sigv4 (~> 1.1)
    aws-sdk-s3 (1.87.0)
      aws-sdk-core (~> 3, >= 3.109.0)
      aws-sdk-kms (~> 1)
      aws-sigv4 (~> 1.1)
    aws-sigv4 (1.2.2)
      aws-eventstream (~> 1, >= 1.0.2)
    chunky_png (1.4.0)
    color (1.8)
    highline (2.0.3)
    httpclient (2.8.3)
    jmespath (1.4.0)
    nokogiri (1.11.1-x64-mingw32)
      racc (~> 1.4)
    options (2.3.2)
    progress_bar (1.3.3)
      highline (>= 1.6, < 3)
      options (~> 2.3.0)
    racc (1.5.2)
    rexml (3.2.4)
    ruby-graphviz (1.2.5)
      rexml
    stringio (3.0.0)
    thor (1.0.1)

PLATFORMS
  ruby
  x64-mingw32

DEPENDENCIES
  ohol-family-trees!

BUNDLED WITH
   1.17.2
